GIT
  remote: https://github.com/dim/poseidon.git
  revision: f853e8f07a6f2ff4a520d3f7e1dac030453a18ed
  specs:
    poseidon (0.0.4)

PATH
  remote: .
  specs:
    poseidon_cluster (0.0.2)
      poseidon
      zk

GEM
  remote: https://rubygems.org/
  specs:
    diff-lcs (1.2.5)
    little-plugger (1.1.3)
    logging (1.7.2)
      little-plugger (>= 1.1.3)
    rake (10.1.1)
    rspec (2.14.1)
      rspec-core (~> 2.14.0)
      rspec-expectations (~> 2.14.0)
      rspec-mocks (~> 2.14.0)
    rspec-core (2.14.7)
    rspec-expectations (2.14.4)
      diff-lcs (>= 1.1.3, < 2.0)
    rspec-mocks (2.14.4)
    snappy (0.0.10)
    yard (0.8.7.3)
    zk (1.9.3)
      logging (~> 1.7.2)
      zookeeper (~> 1.4.0)
    zookeeper (1.4.8)

PLATFORMS
  ruby

DEPENDENCIES
  bundler
  poseidon!
  poseidon_cluster!
  rake
  rspec
  snappy
  yard
